GEM
  remote: http://rubygems.org/
  specs:
    activemodel (3.1.3)
      activesupport (= 3.1.3)
      builder (~> 3.0.0)
      i18n (~> 0.6)
    activerecord (3.1.3)
      activemodel (= 3.1.3)
      activesupport (= 3.1.3)
      arel (~> 2.2.1)
      tzinfo (~> 0.3.29)
    activeresource (3.1.3)
      activemodel (= 3.1.3)
      activesupport (= 3.1.3)
    activesupport (3.1.3)
      multi_json (~> 1.0)
    arel (2.2.1)
    builder (3.0.0)
    git (1.2.5)
    i18n (0.6.0)
    jeweler (1.6.4)
      bundler (~> 1.0)
      git (>= 1.2.5)
      rake
    json (1.6.5)
    mime-types (1.17.2)
    multi_json (1.0.4)
    rake (0.9.2.2)
    rest-client (1.6.7)
      mime-types (>= 1.16)
    tzinfo (0.3.31)
    velir_kaltura-ruby (0.4.13)
      activeresource (>= 2.3.8)
      activesupport (>= 2.3.8)
      json
      rest-client (>= 1.5.1)

PLATFORMS
  ruby

DEPENDENCIES
  activerecord
  activesupport
  jeweler
  velir_kaltura-ruby
